GEM
  remote: http://rubygems.org/
  specs:
    backports (3.10.3)
    builder (3.2.3)
    cucumber (3.0.1)
      builder (>= 2.1.2)
      cucumber-core (~> 3.0.0)
      cucumber-expressions (~> 4.0.3)
      cucumber-wire (~> 0.0.1)
      diff-lcs (~> 1.3)
      gherkin (~> 4.0)
      multi_json (>= 1.7.5, < 2.0)
      multi_test (>= 0.1.2)
    cucumber-core (3.0.0)
      backports (>= 3.8.0)
      cucumber-tag_expressions (>= 1.0.1)
      gherkin (>= 4.1.3)
    cucumber-expressions (4.0.4)
    cucumber-tag_expressions (1.0.1)
    cucumber-wire (0.0.1)
    diff-lcs (1.3)
    gherkin (4.1.3)
    httparty (0.15.6)
      multi_xml (>= 0.5.2)
    multi_json (1.12.2)
    multi_test (0.1.2)
    multi_xml (0.6.0)
    rspec (3.7.0)
      rspec-core (~> 3.7.0)
      rspec-expectations (~> 3.7.0)
      rspec-mocks (~> 3.7.0)
    rspec-core (3.7.0)
      rspec-support (~> 3.7.0)
    rspec-expectations (3.7.0)
      diff-lcs (>= 1.2.0, < 2.0)
      rspec-support (~> 3.7.0)
    rspec-mocks (3.7.0)
      diff-lcs (>= 1.2.0, < 2.0)
      rspec-support (~> 3.7.0)
    rspec-support (3.7.0)

PLATFORMS
  x64-mingw32

DEPENDENCIES
  cucumber
  httparty
  rspec

BUNDLED WITH
   1.15.1
